GIT
  remote: git://github.com/yuya-takeyama/markovchain.git
  revision: bfcf31c9a5f94dd06f3925f3ecbcbcfb2655dc5a
  specs:
    markovchain (0.2.0)

GEM
  remote: http://rubygems.org/
  specs:
    bson (1.6.2)
    bson_ext (1.6.2)
      bson (~> 1.6.2)
    diff-lcs (1.1.3)
    ffi (1.0.11)
    git (1.2.5)
    guard (1.0.2)
      ffi (>= 0.5.0)
      thor (~> 0.14.6)
    guard-rspec (0.7.0)
      guard (>= 0.10.0)
    jeweler (1.8.3)
      bundler (~> 1.0)
      git (>= 1.2.5)
      rake
      rdoc
    json (1.7.0)
    mongo (1.6.2)
      bson (~> 1.6.2)
    multi_json (1.3.4)
    rake (0.9.2.2)
    rb-readline (0.4.2)
    rdoc (3.12)
      json (~> 1.4)
    rspec (2.8.0)
      rspec-core (~> 2.8.0)
      rspec-expectations (~> 2.8.0)
      rspec-mocks (~> 2.8.0)
    rspec-core (2.8.0)
    rspec-expectations (2.8.0)
      diff-lcs (~> 1.1.2)
    rspec-mocks (2.8.0)
    simplecov (0.6.2)
      multi_json (~> 1.3)
      simplecov-html (~> 0.5.3)
    simplecov-html (0.5.3)
    thor (0.14.6)
    yard (0.8.1)

PLATFORMS
  ruby

DEPENDENCIES
  bson_ext
  bundler (~> 1.1.0)
  guard-rspec
  jeweler (~> 1.8.3)
  markovchain (~> 0.2.0)!
  mongo
  rb-readline
  rdoc (~> 3.12)
  rspec (~> 2.8.0)
  simplecov
  yard (~> 0.7)
